GEM
  remote: https://rubygems.org/
  specs:
    gpgme (2.0.8)
      mini_portile (>= 0.5.0)
    mail (2.6.3)
      mime-types (>= 1.16, < 3)
    mail-gpg (0.2.3)
      gpgme (~> 2.0, >= 2.0.2)
      mail (~> 2.5, >= 2.5.3)
    mime-types (2.4.3)
    mini_portile (0.6.2)

PLATFORMS
  ruby

DEPENDENCIES
  gpgme
  mail
  mail-gpg
